GEM
  remote: http://rubygems.org/
  specs:
    mercurial-ruby (0.7.5)
      open4 (~> 1.3.0)
    open4 (1.3.0)

PLATFORMS
  ruby

DEPENDENCIES
  mercurial-ruby
